REDIRECTS: FORCE
RESTRICTION: >= net451
NUGET
  remote: https://api.nuget.org/v3/index.json
    AsyncIO (0.1.26)
    Chessie (0.6)
      FSharp.Core  - restriction: && (>= net451) (< netstandard1.6)
      FSharp.Core (>= 4.0.1.7-alpha) - restriction: && (>= net451) (>= netstandard1.6)
      NETStandard.Library (>= 1.6) - restriction: && (>= net451) (>= netstandard1.6)
    FAKE (4.64.2)
    FSharp.Compiler.Service (22.0.3)
      FSharp.Core (>= 4.1.18)
      Microsoft.DiaSymReader (>= 1.1)
      Microsoft.DiaSymReader.PortablePdb (>= 1.2)
      System.Collections.Immutable (>= 1.3.1)
      System.Reflection.Metadata (>= 1.4.2)
      System.ValueTuple (>= 4.4)
    FSharp.Compiler.Tools (10.0.2)
    FSharp.Core (4.3.4)
    Microsoft.DiaSymReader (1.2)
      Microsoft.Net.Compilers (>= 2.3)
    Microsoft.DiaSymReader.PortablePdb (1.4)
      Microsoft.DiaSymReader (>= 1.2)
      System.Collections (>= 4.3)
      System.Collections.Immutable (>= 1.3.1)
      System.Diagnostics.Debug (>= 4.3)
      System.Globalization (>= 4.3)
      System.IO (>= 4.3)
      System.Linq (>= 4.3)
      System.Reflection (>= 4.3)
      System.Reflection.Metadata (>= 1.4.2)
      System.Reflection.Primitives (>= 4.3)
      System.Runtime (>= 4.3)
      System.Runtime.Extensions (>= 4.3)
      System.Runtime.InteropServices (>= 4.3)
      System.Text.Encoding (>= 4.3)
      System.Threading (>= 4.3)
    Microsoft.Net.Compilers (2.8.2)
    Microsoft.NETCore.Platforms (2.0.1) - restriction: || (&& (>= monotouch) (>= net451)) (&& (< net45) (>= net451) (>= netstandard1.3) (< netstandard1.4)) (&& (< net45) (>= net451) (>= netstandard1.4) (< netstandard1.5)) (&& (< net45) (>= net451) (>= netstandard1.5) (< netstandard1.6)) (&& (< net45) (>= net451) (>= netstandard1.6) (< netstandard2.0)) (&& (>= net451) (>= netcoreapp2.0) (< netstandard2.0)) (&& (>= net451) (< netstandard1.0)) (&& (>= net451) (< netstandard1.3)) (&& (>= net451) (< netstandard2.0) (>= uap10.0)) (&& (>= net451) (< portable-net45+win8+wpa81)) (&& (>= net451) (< portable-net451+win81+wpa81)) (&& (>= net451) (>= xamarinios)) (&& (>= net451) (>= xamarinmac)) (&& (>= net451) (>= xamarintvos)) (&& (>= net451) (>= xamarinwatchos)) (&& (>= net46) (< netstandard1.4)) (&& (>= net461) (< netstandard2.0))
    Microsoft.Win32.Primitives (4.3) - restriction: || (&& (< net45) (>= net451) (>= netstandard1.3) (< netstandard1.4)) (&& (< net45) (>= net451) (>= netstandard1.4) (< netstandard1.5)) (&& (< net45) (>= net451) (>= netstandard1.5) (< netstandard1.6)) (&& (< net45) (>= net451) (>= netstandard1.6) (< netstandard2.0)) (&& (>= net451) (< netstandard2.0) (>= uap10.0)) (&& (>= net46) (< netstandard1.4))
    Mono.Cecil (0.10.0-beta7)
    NetMQ (4.0.0.1)
      AsyncIO (>= 0.1.26)
    NETStandard.Library (2.0.1)
      Microsoft.NETCore.Platforms (>= 1.1)
      Microsoft.Win32.Primitives (>= 4.3) - restriction: || (&& (< net45) (>= net451) (>= netstandard1.3) (< netstandard1.4)) (&& (< net45) (>= net451) (>= netstandard1.4) (< netstandard1.5)) (&& (< net45) (>= net451) (>= netstandard1.5) (< netstandard1.6)) (&& (< net45) (>= net451) (>= netstandard1.6) (< netstandard2.0)) (&& (>= net451) (>= uap10.0)) (&& (>= net46) (< netstandard1.4))
      System.AppContext (>= 4.3) - restriction: || (&& (< net45) (>= net451) (>= netstandard1.3) (< netstandard1.4)) (&& (< net45) (>= net451) (>= netstandard1.4) (< netstandard1.5)) (&& (< net45) (>= net451) (>= netstandard1.5) (< netstandard1.6)) (&& (< net45) (>= net451) (>= netstandard1.6) (< netstandard2.0)) (&& (>= net451) (>= uap10.0)) (&& (>= net46) (< netstandard1.4))
      System.Console (>= 4.3) - restriction: || (&& (< net45) (>= net451) (>= netstandard1.3) (< netstandard1.4)) (&& (< net45) (>= net451) (>= netstandard1.4) (< netstandard1.5)) (&& (< net45) (>= net451) (>= netstandard1.5) (< netstandard1.6)) (&& (< net45) (>= net451) (>= netstandard1.6) (< netstandard2.0)) (&& (>= net451) (>= uap10.0)) (&& (>= net46) (< netstandard1.4))
      System.Globalization.Calendars (>= 4.3) - restriction: || (&& (< net45) (>= net451) (>= netstandard1.3) (< netstandard1.4)) (&& (< net45) (>= net451) (>= netstandard1.4) (< netstandard1.5)) (&& (< net45) (>= net451) (>= netstandard1.5) (< netstandard1.6)) (&& (< net45) (>= net451) (>= netstandard1.6) (< netstandard2.0)) (&& (>= net451) (>= uap10.0)) (&& (>= net46) (< netstandard1.4))
      System.IO.Compression (>= 4.3) - restriction: || (&& (< net45) (>= net451) (>= netstandard1.3) (< netstandard1.4)) (&& (< net45) (>= net451) (< netstandard1.3)) (&& (< net45) (>= net451) (>= netstandard1.4) (< netstandard1.5)) (&& (< net45) (>= net451) (>= netstandard1.5) (< netstandard1.6)) (&& (< net45) (>= net451) (>= netstandard1.6) (< netstandard2.0)) (&& (< net45) (>= net451) (< portable-net451+win81+wpa81)) (&& (>= net451) (>= uap10.0)) (&& (>= net46) (< netstandard1.4))
      System.IO.Compression.ZipFile (>= 4.3) - restriction: || (&& (< net45) (>= net451) (>= netstandard1.3) (< netstandard1.4)) (&& (< net45) (>= net451) (>= netstandard1.4) (< netstandard1.5)) (&& (< net45) (>= net451) (>= netstandard1.5) (< netstandard1.6)) (&& (< net45) (>= net451) (>= netstandard1.6) (< netstandard2.0)) (&& (>= net451) (>= uap10.0)) (&& (>= net46) (< netstandard1.4))
      System.IO.FileSystem (>= 4.3) - restriction: || (&& (< net45) (>= net451) (>= netstandard1.3) (< netstandard1.4)) (&& (< net45) (>= net451) (>= netstandard1.4) (< netstandard1.5)) (&& (< net45) (>= net451) (>= netstandard1.5) (< netstandard1.6)) (&& (< net45) (>= net451) (>= netstandard1.6) (< netstandard2.0)) (&& (>= net451) (>= uap10.0)) (&& (>= net46) (< netstandard1.4))
      System.IO.FileSystem.Primitives (>= 4.3) - restriction: || (&& (< net45) (>= net451) (>= netstandard1.3) (< netstandard1.4)) (&& (< net45) (>= net451) (>= netstandard1.4) (< netstandard1.5)) (&& (< net45) (>= net451) (>= netstandard1.5) (< netstandard1.6)) (&& (< net45) (>= net451) (>= netstandard1.6) (< netstandard2.0)) (&& (>= net451) (>= uap10.0)) (&& (>= net46) (< netstandard1.4))
      System.Net.Http (>= 4.3.2) - restriction: || (&& (< net45) (>= net451) (>= netstandard1.3) (< netstandard1.4)) (&& (< net45) (>= net451) (< netstandard1.3)) (&& (< net45) (>= net451) (>= netstandard1.4) (< netstandard1.5)) (&& (< net45) (>= net451) (>= netstandard1.5) (< netstandard1.6)) (&& (< net45) (>= net451) (>= netstandard1.6) (< netstandard2.0)) (&& (< net45) (>= net451) (< portable-net451+win81+wpa81)) (&& (>= net451) (>= uap10.0)) (&& (>= net46) (< netstandard1.4))
      System.Net.Sockets (>= 4.3) - restriction: || (&& (< net45) (>= net451) (>= netstandard1.3) (< netstandard1.4)) (&& (< net45) (>= net451) (>= netstandard1.4) (< netstandard1.5)) (&& (< net45) (>= net451) (>= netstandard1.5) (< netstandard1.6)) (&& (< net45) (>= net451) (>= netstandard1.6) (< netstandard2.0)) (&& (>= net451) (>= uap10.0)) (&& (>= net46) (< netstandard1.4))
      System.Runtime.InteropServices.RuntimeInformation (>= 4.3) - restriction: || (&& (< net45) (>= net451) (>= netstandard1.3) (< netstandard1.4)) (&& (< net45) (>= net451) (>= netstandard1.4) (< netstandard1.5)) (&& (< net45) (>= net451) (>= netstandard1.5) (< netstandard1.6)) (&& (< net45) (>= net451) (>= netstandard1.6) (< netstandard2.0)) (&& (>= net451) (< netstandard1.0)) (&& (>= net451) (< netstandard1.3)) (&& (>= net451) (< portable-net451+win81+wpa81)) (&& (>= net451) (>= uap10.0)) (&& (>= net46) (< netstandard1.4))
      System.Security.Cryptography.Algorithms (>= 4.3) - restriction: || (&& (< net45) (>= net451) (>= netstandard1.3) (< netstandard1.4)) (&& (< net45) (>= net451) (>= netstandard1.4) (< netstandard1.5)) (&& (< net45) (>= net451) (>= netstandard1.5) (< netstandard1.6)) (&& (< net45) (>= net451) (>= netstandard1.6) (< netstandard2.0)) (&& (>= net451) (>= uap10.0)) (&& (>= net46) (< netstandard1.4))
      System.Security.Cryptography.Encoding (>= 4.3) - restriction: || (&& (< net45) (>= net451) (>= netstandard1.3) (< netstandard1.4)) (&& (< net45) (>= net451) (>= netstandard1.4) (< netstandard1.5)) (&& (< net45) (>= net451) (>= netstandard1.5) (< netstandard1.6)) (&& (< net45) (>= net451) (>= netstandard1.6) (< netstandard2.0)) (&& (>= net451) (>= uap10.0)) (&& (>= net46) (< netstandard1.4))
      System.Security.Cryptography.Primitives (>= 4.3) - restriction: || (&& (< net45) (>= net451) (>= netstandard1.3) (< netstandard1.4)) (&& (< net45) (>= net451) (>= netstandard1.4) (< netstandard1.5)) (&& (< net45) (>= net451) (>= netstandard1.5) (< netstandard1.6)) (&& (< net45) (>= net451) (>= netstandard1.6) (< netstandard2.0)) (&& (>= net451) (>= uap10.0)) (&& (>= net46) (< netstandard1.4))
      System.Security.Cryptography.X509Certificates (>= 4.3) - restriction: || (&& (< net45) (>= net451) (>= netstandard1.3) (< netstandard1.4)) (&& (< net45) (>= net451) (>= netstandard1.4) (< netstandard1.5)) (&& (< net45) (>= net451) (>= netstandard1.5) (< netstandard1.6)) (&& (< net45) (>= net451) (>= netstandard1.6) (< netstandard2.0)) (&& (>= net451) (>= uap10.0)) (&& (>= net46) (< netstandard1.4))
      System.Xml.ReaderWriter (>= 4.3) - restriction: || (&& (< net45) (>= net451) (>= netstandard1.3) (< netstandard1.4)) (&& (< net45) (>= net451) (< netstandard1.3)) (&& (< net45) (>= net451) (>= netstandard1.4) (< netstandard1.5)) (&& (< net45) (>= net451) (>= netstandard1.5) (< netstandard1.6)) (&& (< net45) (>= net451) (>= netstandard1.6) (< netstandard2.0)) (&& (< net45) (>= net451) (< portable-net451+win81+wpa81)) (&& (>= net451) (< portable-net45+win8+wpa81)) (&& (>= net451) (>= uap10.0)) (&& (>= net46) (< netstandard1.4))
    Newtonsoft.Json (10.0.3)
    Paket.Core (5.169.6)
      Chessie (>= 0.6)
      FSharp.Compiler.Tools
      FSharp.Core
      Mono.Cecil (>= 0.10.0-beta6)
      Newtonsoft.Json
    System.AppContext (4.3) - restriction: || (&& (< net45) (>= net451) (>= netstandard1.3) (< netstandard1.4)) (&& (< net45) (>= net451) (>= netstandard1.4) (< netstandard1.5)) (&& (< net45) (>= net451) (>= netstandard1.5) (< netstandard1.6)) (&& (< net45) (>= net451) (>= netstandard1.6) (< netstandard2.0)) (&& (>= net451) (< netstandard2.0) (>= uap10.0)) (&& (>= net46) (< netstandard1.4))
    System.Collections (4.3)
    System.Collections.Immutable (1.4)
      NETStandard.Library (>= 1.6.1) - restriction: && (>= net451) (< netstandard2.0)
    System.Console (4.3.1) - restriction: || (&& (< net45) (>= net451) (>= netstandard1.3) (< netstandard1.4)) (&& (< net45) (>= net451) (>= netstandard1.4) (< netstandard1.5)) (&& (< net45) (>= net451) (>= netstandard1.5) (< netstandard1.6)) (&& (< net45) (>= net451) (>= netstandard1.6) (< netstandard2.0)) (&& (>= net451) (< netstandard2.0) (>= uap10.0)) (&& (>= net46) (< netstandard1.4))
    System.Diagnostics.Debug (4.3)
    System.Globalization (4.3)
    System.Globalization.Calendars (4.3) - restriction: || (&& (< net45) (>= net451) (>= netstandard1.3) (< netstandard1.4)) (&& (< net45) (>= net451) (>= netstandard1.4) (< netstandard1.5)) (&& (< net45) (>= net451) (>= netstandard1.5) (< netstandard1.6)) (&& (< net45) (>= net451) (>= netstandard1.6) (< netstandard2.0)) (&& (>= net451) (< netstandard2.0) (>= uap10.0)) (&& (>= net46) (< netstandard1.4))
    System.IO (4.3)
    System.IO.Compression (4.3) - restriction: || (&& (< net45) (>= net451) (>= netstandard1.3) (< netstandard1.4)) (&& (< net45) (>= net451) (< netstandard1.3)) (&& (< net45) (>= net451) (>= netstandard1.4) (< netstandard1.5)) (&& (< net45) (>= net451) (>= netstandard1.5) (< netstandard1.6)) (&& (< net45) (>= net451) (>= netstandard1.6) (< netstandard2.0)) (&& (< net45) (>= net451) (< portable-net451+win81+wpa81)) (&& (>= net451) (< netstandard2.0) (>= uap10.0)) (&& (>= net46) (< netstandard1.4))
    System.IO.Compression.ZipFile (4.3) - restriction: || (&& (< net45) (>= net451) (>= netstandard1.3) (< netstandard1.4)) (&& (< net45) (>= net451) (>= netstandard1.4) (< netstandard1.5)) (&& (< net45) (>= net451) (>= netstandard1.5) (< netstandard1.6)) (&& (< net45) (>= net451) (>= netstandard1.6) (< netstandard2.0)) (&& (>= net451) (< netstandard2.0) (>= uap10.0)) (&& (>= net46) (< netstandard1.4))
    System.IO.FileSystem (4.3) - restriction: || (&& (< net45) (>= net451) (>= netstandard1.3) (< netstandard1.4)) (&& (< net45) (>= net451) (>= netstandard1.4) (< netstandard1.5)) (&& (< net45) (>= net451) (>= netstandard1.5) (< netstandard1.6)) (&& (< net45) (>= net451) (>= netstandard1.6) (< netstandard2.0)) (&& (>= net451) (< netstandard2.0) (>= uap10.0)) (&& (>= net46) (< netstandard1.4))
      System.IO.FileSystem.Primitives (>= 4.3) - restriction: || (&& (>= net451) (>= netstandard1.3)) (>= net46)
    System.IO.FileSystem.Primitives (4.3) - restriction: || (&& (< net45) (>= net451) (>= netstandard1.3) (< netstandard1.4)) (&& (< net45) (>= net451) (>= netstandard1.4) (< netstandard1.5)) (&& (< net45) (>= net451) (>= netstandard1.5) (< netstandard1.6)) (&& (< net45) (>= net451) (>= netstandard1.6) (< netstandard2.0)) (&& (>= net451) (< netstandard2.0) (>= uap10.0)) (&& (>= net46) (< netstandard1.4))
    System.Linq (4.3)
    System.Net.Http (4.3.3) - restriction: || (&& (< net45) (>= net451) (>= netstandard1.3) (< netstandard1.4)) (&& (< net45) (>= net451) (< netstandard1.3)) (&& (< net45) (>= net451) (>= netstandard1.4) (< netstandard1.5)) (&& (< net45) (>= net451) (>= netstandard1.5) (< netstandard1.6)) (&& (< net45) (>= net451) (>= netstandard1.6) (< netstandard2.0)) (&& (< net45) (>= net451) (< portable-net451+win81+wpa81)) (&& (>= net451) (< netstandard2.0) (>= uap10.0)) (&& (>= net46) (< netstandard1.4))
      System.Security.Cryptography.X509Certificates (>= 4.3) - restriction: || (&& (>= dnxcore50) (>= net451)) (&& (< net45) (>= net451) (>= netstandard1.3) (< netstandard1.6)) (&& (< net45) (>= net451) (>= netstandard1.6)) (>= net46)
    System.Net.Sockets (4.3) - restriction: || (&& (< net45) (>= net451) (>= netstandard1.3) (< netstandard1.4)) (&& (< net45) (>= net451) (>= netstandard1.4) (< netstandard1.5)) (&& (< net45) (>= net451) (>= netstandard1.5) (< netstandard1.6)) (&& (< net45) (>= net451) (>= netstandard1.6) (< netstandard2.0)) (&& (>= net451) (< netstandard2.0) (>= uap10.0)) (&& (>= net46) (< netstandard1.4))
    System.Reflection (4.3)
    System.Reflection.Metadata (1.5)
      NETStandard.Library (>= 1.6.1) - restriction: && (>= net451) (< netstandard2.0)
      System.Collections.Immutable (>= 1.4)
    System.Reflection.Primitives (4.3)
    System.Runtime (4.3)
    System.Runtime.Extensions (4.3)
    System.Runtime.InteropServices (4.3)
      System.Runtime (>= 4.3) - restriction: || (&& (>= dnxcore50) (>= net451)) (&& (< net45) (>= net451) (< netstandard1.2)) (&& (< net45) (>= net451) (>= netstandard1.3) (< netstandard1.5)) (&& (< net45) (>= net451) (< netstandard1.3)) (&& (< net45) (>= net451) (>= netstandard1.5)) (&& (>= net451) (>= netcoreapp1.1)) (>= net462)
    System.Runtime.InteropServices.RuntimeInformation (4.3) - restriction: || (&& (< net45) (>= net451) (>= netstandard1.3) (< netstandard1.4)) (&& (< net45) (>= net451) (>= netstandard1.4) (< netstandard1.5)) (&& (< net45) (>= net451) (>= netstandard1.5) (< netstandard1.6)) (&& (< net45) (>= net451) (>= netstandard1.6) (< netstandard2.0)) (&& (>= net451) (< netstandard1.0)) (&& (>= net451) (< netstandard1.3)) (&& (>= net451) (< netstandard2.0) (>= uap10.0)) (&& (>= net451) (< portable-net451+win81+wpa81)) (&& (>= net46) (< netstandard1.4))
    System.Security.Cryptography.Algorithms (4.3.1) - restriction: || (&& (< net45) (>= net451) (>= netstandard1.3) (< netstandard1.4)) (&& (< net45) (>= net451) (>= netstandard1.4) (< netstandard1.5)) (&& (< net45) (>= net451) (>= netstandard1.5) (< netstandard1.6)) (&& (< net45) (>= net451) (>= netstandard1.6) (< netstandard2.0)) (&& (>= net451) (< netstandard2.0) (>= uap10.0)) (&& (>= net46) (< netstandard1.4))
      System.Security.Cryptography.Primitives (>= 4.3) - restriction: || (&& (>= dnxcore50) (>= net451)) (&& (>= net451) (< net46) (>= netstandard1.3) (< netstandard1.4)) (&& (>= net451) (< net46) (>= netstandard1.4) (< netstandard1.6)) (&& (>= net451) (< net46) (>= netstandard1.6)) (&& (>= net46) (< netstandard1.4)) (&& (>= net461) (< netstandard1.6)) (>= net463)
    System.Security.Cryptography.Encoding (4.3) - restriction: || (&& (< net45) (>= net451) (>= netstandard1.3) (< netstandard1.4)) (&& (< net45) (>= net451) (>= netstandard1.4) (< netstandard1.5)) (&& (< net45) (>= net451) (>= netstandard1.5) (< netstandard1.6)) (&& (< net45) (>= net451) (>= netstandard1.6) (< netstandard2.0)) (&& (>= net451) (< netstandard2.0) (>= uap10.0)) (&& (>= net46) (< netstandard1.4))
    System.Security.Cryptography.Primitives (4.3) - restriction: || (&& (< net45) (>= net451) (>= netstandard1.3) (< netstandard1.4)) (&& (< net45) (>= net451) (>= netstandard1.4) (< netstandard1.5)) (&& (< net45) (>= net451) (>= netstandard1.5) (< netstandard1.6)) (&& (< net45) (>= net451) (>= netstandard1.6) (< netstandard2.0)) (&& (>= net451) (< netstandard2.0) (>= uap10.0)) (&& (>= net46) (< netstandard1.4))
    System.Security.Cryptography.X509Certificates (4.3.2) - restriction: || (&& (< net45) (>= net451) (>= netstandard1.3) (< netstandard1.4)) (&& (< net45) (>= net451) (>= netstandard1.4) (< netstandard1.5)) (&& (< net45) (>= net451) (>= netstandard1.5) (< netstandard1.6)) (&& (< net45) (>= net451) (>= netstandard1.6) (< netstandard2.0)) (&& (>= net451) (< netstandard2.0) (>= uap10.0)) (&& (>= net46) (< netstandard1.4))
      System.Security.Cryptography.Algorithms (>= 4.3) - restriction: || (&& (>= dnxcore50) (>= net451)) (&& (>= net451) (< net46) (>= netstandard1.3) (< netstandard1.4)) (&& (>= net451) (< net46) (>= netstandard1.4) (< netstandard1.6)) (&& (>= net451) (< net46) (>= netstandard1.6)) (&& (>= net46) (< netstandard1.4)) (>= net461)
      System.Security.Cryptography.Encoding (>= 4.3) - restriction: || (&& (>= dnxcore50) (>= net451)) (&& (>= net451) (< net46) (>= netstandard1.3) (< netstandard1.4)) (&& (>= net451) (< net46) (>= netstandard1.4) (< netstandard1.6)) (&& (>= net451) (< net46) (>= netstandard1.6)) (&& (>= net46) (< netstandard1.4)) (>= net461)
    System.Text.Encoding (4.3)
    System.Threading (4.3)
    System.ValueTuple (4.5)
    System.Xml.ReaderWriter (4.3.1) - restriction: || (&& (< net45) (>= net451) (>= netstandard1.3) (< netstandard1.4)) (&& (< net45) (>= net451) (< netstandard1.3)) (&& (< net45) (>= net451) (>= netstandard1.4) (< netstandard1.5)) (&& (< net45) (>= net451) (>= netstandard1.5) (< netstandard1.6)) (&& (< net45) (>= net451) (>= netstandard1.6) (< netstandard2.0)) (&& (< net45) (>= net451) (< portable-net451+win81+wpa81)) (&& (>= net451) (< netstandard2.0) (>= uap10.0)) (&& (>= net451) (< portable-net45+win8+wpa81)) (&& (>= net46) (< netstandard1.4))
    Trinet.Core.IO.Ntfs (4.0)
    xunit (2.1)
      xunit.assert (2.1)
      xunit.core (2.1)
    xunit.abstractions (2.0)
    xunit.assert (2.1)
    xunit.core (2.1)
      xunit.extensibility.core (2.1)
      xunit.extensibility.execution (2.1)
    xunit.extensibility.core (2.1)
      xunit.abstractions (2.0)
    xunit.extensibility.execution (2.1)
      xunit.extensibility.core (2.1)
    xunit.runner.console (2.1)

GROUP Docs
RESTRICTION: >= net451
NUGET
  remote: https://www.nuget.org/api/v2
    FSharp.Compiler.Service (2.0.0.6)
    FSharp.Formatting (2.14.4)
      FSharp.Compiler.Service (2.0.0.6)
      FSharpVSPowerTools.Core (>= 2.3 < 2.4)
    FSharpVSPowerTools.Core (2.3)
      FSharp.Compiler.Service (>= 2.0.0.3)
