REDIRECTS: ON
FRAMEWORK: >= NET451
NUGET
  remote: https://www.nuget.org/api/v2
    AsyncIO (0.1.20)
    Chessie (0.6)
      FSharp.Core
    FAKE (4.61)
    FSharp.Compiler.Service (12.0.8)
      System.Collections.Immutable (>= 1.3.1)
      System.Reflection.Metadata (>= 1.4.2)
    FSharp.Compiler.Tools (4.1.17)
    FSharp.Core (4.2.1)
      System.Collections (>= 4.0.11) - framework: >= net463
      System.Console (>= 4.0) - framework: >= net463
      System.Diagnostics.Debug (>= 4.0.11) - framework: >= net463
      System.Diagnostics.Tools (>= 4.0.1) - framework: >= net463
      System.Globalization (>= 4.0.11) - framework: >= net463
      System.IO (>= 4.1) - framework: >= net463
      System.Linq (>= 4.1) - framework: >= net463
      System.Linq.Expressions (>= 4.1) - framework: >= net463
      System.Linq.Queryable (>= 4.0.1) - framework: >= net463
      System.Net.Requests (>= 4.0.11) - framework: >= net463
      System.Reflection (>= 4.1) - framework: >= net463
      System.Reflection.Extensions (>= 4.0.1) - framework: >= net463
      System.Resources.ResourceManager (>= 4.0.1) - framework: >= net463
      System.Runtime (>= 4.1) - framework: >= net463
      System.Runtime.Extensions (>= 4.1) - framework: >= net463
      System.Runtime.Numerics (>= 4.0.1) - framework: >= net463
      System.Text.RegularExpressions (>= 4.1) - framework: >= net463
      System.Threading (>= 4.0.11) - framework: >= net463
      System.Threading.Tasks (>= 4.0.11) - framework: >= net463
      System.Threading.Tasks.Parallel (>= 4.0.1) - framework: >= net463
      System.Threading.Thread (>= 4.0) - framework: >= net463
      System.Threading.ThreadPool (>= 4.0.10) - framework: >= net463
      System.Threading.Timer (>= 4.0.1) - framework: >= net463
    Mono.Cecil (0.10.0-beta5)
    NetMQ (3.3.3.4)
      AsyncIO (>= 0.1.20)
    Newtonsoft.Json (10.0.2)
    Paket.Core (4.3.2)
      Chessie (>= 0.6)
      FSharp.Core
      Mono.Cecil (>= 0.10.0-beta4)
      Newtonsoft.Json
    System.Collections (4.3) - framework: >= net463
    System.Collections.Immutable (1.3.1)
    System.Console (4.3) - framework: >= net463
    System.Diagnostics.Debug (4.3) - framework: >= net463
    System.Diagnostics.Tools (4.3) - framework: >= net463
    System.Globalization (4.3) - framework: >= net463
    System.IO (4.3) - framework: >= net463
    System.Linq (4.3) - framework: >= net463
    System.Linq.Expressions (4.3) - framework: >= net463
    System.Linq.Queryable (4.3) - framework: >= net463
    System.Net.Requests (4.3) - framework: >= net463
    System.Reflection (4.3) - framework: >= net463
    System.Reflection.Extensions (4.3) - framework: >= net463
    System.Reflection.Metadata (1.4.2)
      System.Collections.Immutable (>= 1.3.1)
    System.Resources.ResourceManager (4.3) - framework: >= net463
    System.Runtime (4.3) - framework: >= net463
    System.Runtime.Extensions (4.3) - framework: >= net463
    System.Runtime.Numerics (4.3) - framework: >= net463
    System.Text.RegularExpressions (4.3) - framework: >= net463
    System.Threading (4.3) - framework: >= net463
    System.Threading.Tasks (4.3) - framework: >= net463
    System.Threading.Tasks.Parallel (4.3) - framework: >= net463
    System.Threading.Thread (4.3) - framework: >= net463
    System.Threading.ThreadPool (4.3) - framework: >= net463
    System.Threading.Timer (4.3) - framework: >= net463
    Trinet.Core.IO.Ntfs (4.0)
    xunit (2.1)
      xunit.assert (2.1)
      xunit.core (2.1)
    xunit.abstractions (2.0)
    xunit.assert (2.1)
    xunit.core (2.1)
      xunit.extensibility.core (2.1)
      xunit.extensibility.execution (2.1)
    xunit.extensibility.core (2.1)
      xunit.abstractions (2.0)
    xunit.extensibility.execution (2.1)
      xunit.extensibility.core (2.1)
    xunit.runner.console (2.1)

GROUP Docs
FRAMEWORK: >= NET451
NUGET
  remote: https://www.nuget.org/api/v2
    FSharp.Compiler.Service (2.0.0.6)
    FSharp.Formatting (2.14.4)
      FSharp.Compiler.Service (2.0.0.6)
      FSharpVSPowerTools.Core (>= 2.3 < 2.4)
    FSharpVSPowerTools.Core (2.3)
      FSharp.Compiler.Service (>= 2.0.0.3)
